GEM
  remote: https://rubygems.org/
  specs:
    addressable (2.3.8)
    bugsnag-api (1.0.3)
      sawyer (>= 0.5.3)
    faraday (0.9.1)
      multipart-post (>= 1.2, < 3)
    foreman (0.24.0)
      term-ansicolor (~> 1.0.5)
      thor (>= 0.13.6)
    multipart-post (2.0.0)
    rack (1.4.0)
    rack-cache (1.6.1)
      rack (>= 0.4)
    rack-protection (1.2.0)
      rack
    sawyer (0.6.0)
      addressable (~> 2.3.5)
      faraday (~> 0.8, < 0.10)
    sinatra (1.3.2)
      rack (~> 1.3, >= 1.3.6)
      rack-protection (~> 1.2)
      tilt (~> 1.3, >= 1.3.3)
    term-ansicolor (1.0.7)
    thor (0.14.6)
    tilt (1.3.3)

PLATFORMS
  ruby

DEPENDENCIES
  bugsnag-api
  foreman
  rack-cache
  sinatra

BUNDLED WITH
   1.11.2
