GEM
  remote: https://rubygems.org/
  specs:
    addressable (2.4.0)
    bugsnag-api (1.0.3)
      sawyer (>= 0.5.3)
    coderay (1.1.1)
    dalli (2.7.6)
    faraday (0.9.2)
      multipart-post (>= 1.2, < 3)
    foreman (0.81.0)
      thor (~> 0.19.1)
    memcachier (0.0.2)
    method_source (0.8.2)
    multipart-post (2.0.0)
    pry (0.10.3)
      coderay (~> 1.1.0)
      method_source (~> 0.8.1)
      slop (~> 3.4)
    rack (1.6.4)
    rack-cache (1.6.1)
      rack (>= 0.4)
    rack-protection (1.5.3)
      rack
    sawyer (0.7.0)
      addressable (>= 2.3.5, < 2.5)
      faraday (~> 0.8, < 0.10)
    sinatra (1.4.7)
      rack (~> 1.5)
      rack-protection (~> 1.4)
      tilt (>= 1.3, < 3)
    slop (3.6.0)
    thor (0.19.1)
    tilt (2.0.4)

PLATFORMS
  ruby

DEPENDENCIES
  bugsnag-api
  dalli
  foreman
  memcachier
  pry
  rack-cache
  sinatra

RUBY VERSION
   ruby 2.3.1p112

BUNDLED WITH
   1.12.3
